PATH
  remote: .
  specs:
    sportsflix (1.6.1)
      execjs-fastnode (~> 0.2)
      oga (>= 2.15, < 4.0)
      therubyracer (~> 0.12)
      thor (>= 0.20, < 2.0)

GEM
  remote: https://rubygems.org/
  specs:
    ansi (1.5.0)
    ast (2.4.0)
    codacy-coverage (2.2.0)
      simplecov
    diff-lcs (1.3)
    docile (1.3.2)
    execjs (2.7.0)
    execjs-fastnode (0.2.1)
      execjs (~> 2.0)
    jaro_winkler (1.5.4)
    json (2.3.0)
    libv8 (3.16.14.19)
    oga (3.2)
      ast
      ruby-ll (~> 2.1)
    parallel (1.19.1)
    parser (2.7.0.1)
      ast (~> 2.4.0)
    rainbow (3.0.0)
    rake (13.0.1)
    ref (2.0.0)
    rspec (3.9.0)
      rspec-core (~> 3.9.0)
      rspec-expectations (~> 3.9.0)
      rspec-mocks (~> 3.9.0)
    rspec-core (3.9.1)
      rspec-support (~> 3.9.1)
    rspec-expectations (3.9.0)
      diff-lcs (>= 1.2.0, < 2.0)
      rspec-support (~> 3.9.0)
    rspec-mocks (3.9.1)
      diff-lcs (>= 1.2.0, < 2.0)
      rspec-support (~> 3.9.0)
    rspec-support (3.9.2)
    rubocop (0.78.0)
      jaro_winkler (~> 1.5.1)
      parallel (~> 1.10)
      parser (>= 2.6)
      rainbow (>= 2.2.2, < 4.0)
      ruby-progressbar (~> 1.7)
      unicode-display_width (>= 1.4.0, < 1.7)
    rubocop-rspec (1.37.1)
      rubocop (>= 0.68.1)
    ruby-ll (2.1.2)
      ansi
      ast
    ruby-progressbar (1.10.1)
    simplecov (0.17.1)
      docile (~> 1.1)
      json (>= 1.8, < 3)
      simplecov-html (~> 0.10.0)
    simplecov-html (0.10.2)
    therubyracer (0.12.3)
      libv8 (~> 3.16.14.15)
      ref
    thor (1.0.1)
    unicode-display_width (1.6.0)

PLATFORMS
  ruby

DEPENDENCIES
  bundler
  codacy-coverage
  rake
  rspec (~> 3.8)
  rubocop (~> 0.78.0)
  rubocop-rspec (~> 1.32)
  simplecov
  sportsflix!

BUNDLED WITH
   1.17.3
