PATH
  remote: .
  specs:
    sportsflix (1.3.0)
      execjs-fastnode (~> 0.2.1)
      oga (~> 2.15)
      thor (~> 0.20.0)

GEM
  remote: https://rubygems.org/
  specs:
    ansi (1.5.0)
    ast (2.4.0)
    codacy-coverage (1.1.8)
      simplecov
    diff-lcs (1.3)
    docile (1.3.1)
    execjs (2.7.0)
    execjs-fastnode (0.2.1)
      execjs (~> 2.0)
    jaro_winkler (1.5.1)
    json (2.1.0)
    oga (2.15)
      ast
      ruby-ll (~> 2.1)
    parallel (1.12.1)
    parser (2.5.1.0)
      ast (~> 2.4.0)
    powerpack (0.1.2)
    rainbow (3.0.0)
    rake (12.3.1)
    rspec (3.7.0)
      rspec-core (~> 3.7.0)
      rspec-expectations (~> 3.7.0)
      rspec-mocks (~> 3.7.0)
    rspec-core (3.7.1)
      rspec-support (~> 3.7.0)
    rspec-expectations (3.7.0)
      diff-lcs (>= 1.2.0, < 2.0)
      rspec-support (~> 3.7.0)
    rspec-mocks (3.7.0)
      diff-lcs (>= 1.2.0, < 2.0)
      rspec-support (~> 3.7.0)
    rspec-support (3.7.1)
    rubocop (0.57.2)
      jaro_winkler (~> 1.5.1)
      parallel (~> 1.10)
      parser (>= 2.5)
      powerpack (~> 0.1)
      rainbow (>= 2.2.2, < 4.0)
      ruby-progressbar (~> 1.7)
      unicode-display_width (~> 1.0, >= 1.0.1)
    rubocop-rspec (1.27.0)
      rubocop (>= 0.56.0)
    ruby-ll (2.1.2)
      ansi
      ast
    ruby-progressbar (1.9.0)
    simplecov (0.16.1)
      docile (~> 1.1)
      json (>= 1.8, < 3)
      simplecov-html (~> 0.10.0)
    simplecov-html (0.10.2)
    thor (0.20.0)
    unicode-display_width (1.4.0)

PLATFORMS
  ruby

DEPENDENCIES
  bundler (~> 1.16)
  codacy-coverage
  rake (~> 12.3)
  rspec (~> 3.7)
  rubocop (~> 0.57.2)
  rubocop-rspec (~> 1.27)
  simplecov
  sportsflix!

BUNDLED WITH
   1.16.2
