PATH
  remote: .
  specs:
    sportsflix (1.2.0)
      execjs-fastnode (~> 0.2.0)
      oga (~> 2.8)
      thor (~> 0.19.4)

GEM
  remote: https://rubygems.org/
  specs:
    ansi (1.5.0)
    ast (2.3.0)
    codacy-coverage (1.1.6)
      simplecov
    diff-lcs (1.3)
    docile (1.1.5)
    execjs (2.7.0)
    execjs-fastnode (0.2.0)
      execjs (~> 2.0)
    json (2.0.3)
    oga (2.10)
      ast
      ruby-ll (~> 2.1)
    parser (2.3.3.1)
      ast (~> 2.2)
    powerpack (0.1.1)
    rainbow (2.2.1)
    rake (10.5.0)
    rspec (3.5.0)
      rspec-core (~> 3.5.0)
      rspec-expectations (~> 3.5.0)
      rspec-mocks (~> 3.5.0)
    rspec-core (3.5.4)
      rspec-support (~> 3.5.0)
    rspec-expectations (3.5.0)
      diff-lcs (>= 1.2.0, < 2.0)
      rspec-support (~> 3.5.0)
    rspec-mocks (3.5.0)
      diff-lcs (>= 1.2.0, < 2.0)
      rspec-support (~> 3.5.0)
    rspec-support (3.5.0)
    rubocop (0.47.1)
      parser (>= 2.3.3.1, < 3.0)
      powerpack (~> 0.1)
      rainbow (>= 1.99.1, < 3.0)
      ruby-progressbar (~> 1.7)
      unicode-display_width (~> 1.0, >= 1.0.1)
    rubocop-rspec (1.10.0)
      rubocop (>= 0.42.0)
    ruby-ll (2.1.2)
      ansi
      ast
    ruby-progressbar (1.8.1)
    simplecov (0.13.0)
      docile (~> 1.1.0)
      json (>= 1.8, < 3)
      simplecov-html (~> 0.10.0)
    simplecov-html (0.10.0)
    thor (0.19.4)
    unicode-display_width (1.1.3)

PLATFORMS
  ruby

DEPENDENCIES
  bundler (~> 1.14)
  codacy-coverage
  rake (~> 10.0)
  rspec (~> 3.0)
  rubocop (~> 0.47.1)
  rubocop-rspec (~> 1.10)
  simplecov
  sportsflix!

BUNDLED WITH
   1.14.3
